NUGET
  remote: https://nuget.org/api/v2
  specs:
    FAKE (4.4.4)
    FSharp.Core (4.0.0.1) - framework: >= net452
    FsPickler (1.2.5) - framework: >= net452
    Newtonsoft.Json (7.0.1) - framework: >= net452
    NUnit (2.6.4) - framework: >= net452
    Suave (0.31.1) - framework: >= net452
      FSharp.Core (>= 4.0.0.1)
      FsPickler (>= 1.2.5)
